GEM
  remote: http://rubygems.org/
  specs:
    awesome_print (1.0.2)
    aws-s3 (0.6.3)
      builder
      mime-types
      xml-simple
    builder (3.0.0)
    daemons (1.1.8)
    dnsruby (1.53)
    eventmachine (0.12.10)
    fileutils (0.7)
      rmagick (>= 2.13.1)
    haml (3.1.6)
    json (1.7.3)
    mime-types (1.19)
    pbkdf2 (0.1.0)
    pg (0.14.0)
    rack (1.4.1)
    rack-protection (1.2.0)
      rack
    redis (3.0.1)
    rmagick (2.13.1)
    salty (0.1.0)
      pbkdf2 (>= 0.1.0)
    sass (3.1.20)
    sequel (3.37.0)
    sinatra (1.3.2)
      rack (~> 1.3, >= 1.3.6)
      rack-protection (~> 1.2)
      tilt (~> 1.3, >= 1.3.3)
    thin (1.4.1)
      daemons (>= 1.0.9)
      eventmachine (>= 0.12.6)
      rack (>= 1.0.0)
    tilt (1.3.3)
    virus_blacklist (1.1.0)
      dnsruby (~> 1.5)
    xml-simple (1.1.1)

PLATFORMS
  ruby

DEPENDENCIES
  awesome_print
  aws-s3
  fileutils
  haml
  json
  pg
  redis
  salty
  sass
  sequel
  sinatra
  thin
  virus_blacklist
