GEM
  remote: http://rubygems.org/
  specs:
    awesome_print (1.0.2)
    fileutils (0.7)
      rmagick (>= 2.13.1)
    haml (3.1.6)
    rack (1.4.1)
    rack-protection (1.2.0)
      rack
    redis (3.0.1)
    rmagick (2.13.1)
    sass (3.1.19)
    sinatra (1.3.2)
      rack (~> 1.3, >= 1.3.6)
      rack-protection (~> 1.2)
      tilt (~> 1.3, >= 1.3.3)
    tilt (1.3.3)

PLATFORMS
  ruby

DEPENDENCIES
  awesome_print
  fileutils
  haml
  redis
  sass
  sinatra
